PATH
  remote: .
  specs:
    pretty_seconds (0.1.0)

GEM
  remote: https://rubygems.org/
  specs:
    minitest (5.13.0)
    rake (12.3.2)

PLATFORMS
  ruby

DEPENDENCIES
  minitest (~> 5.0)
  pretty_seconds!
  rake (~> 12.0)

BUNDLED WITH
   2.1.2
